GEM
  remote: https://rubygems.org/
  specs:
    power_assert (2.0.1)
    test-unit (3.5.3)
      power_assert

PLATFORMS
  arm64-darwin-21

DEPENDENCIES
  test-unit

BUNDLED WITH
   2.3.7
